GEM
  remote: https://rubygems.org/
  specs:
    clamp (1.3.2)

PLATFORMS
  x86_64-linux

DEPENDENCIES
  clamp (~> 1.3)

BUNDLED WITH
   2.3.26
